GEM
  remote: https://rubygems.org/
  specs:
    rack (3.1.8)

PLATFORMS
  ruby
  x86_64-linux

DEPENDENCIES
  rack

BUNDLED WITH
   2.5.22
